GEM
  remote: https://rubygems.org/
  specs:
    coffee-script (2.2.0)
      coffee-script-source
      execjs
    coffee-script-source (1.4.0)
    execjs (1.4.0)
      multi_json (~> 1.0)
    jsmin (1.0.1)
    multi_json (1.3.6)
    rake (0.9.2.2)
    rake-minify (0.3.3)
      jsmin (~> 1.0.1)
      rake (>= 0.8.7)
    sass (3.2.1)

PLATFORMS
  ruby

DEPENDENCIES
  coffee-script
  rake-minify
  sass
